GIT
  remote: https://github.com/jochenseeber/coveralls-ruby.git
  revision: 33089582ed0fc180c7828d7222e9754c71fa2067
  tag: v0.8.23-js
  specs:
    coveralls (0.8.23.js)
      json (>= 1.8, < 3)
      simplecov (>= 0.16.1, < 1)
      term-ansicolor (~> 1.3)
      thor (>= 0.19.4, < 2.0)
      tins (~> 1.6)

PATH
  remote: .
  specs:
    calificador (0.1.0)
      docile (~> 1.3.5)
      minitest (~> 5.14)
      zeitwerk (~> 2.3)

GEM
  remote: https://rubygems.org/
  specs:
    ansi (1.5.0)
    ast (2.4.1)
    brass (1.2.1)
    debase (0.2.4.1)
      debase-ruby_core_source (>= 0.10.2)
    debase-ruby_core_source (0.10.12)
    docile (1.3.5)
    json (2.5.1)
    minitest (5.14.3)
    parallel (1.20.1)
    parser (3.0.0.0)
      ast (~> 2.4.1)
    qed (2.9.2)
      ansi
      brass
    rainbow (3.0.0)
    rake (13.0.3)
    regexp_parser (2.0.3)
    rexml (3.2.4)
    rubocop (1.8.1)
      parallel (~> 1.10)
      parser (>= 3.0.0.0)
      rainbow (>= 2.2.2, < 4.0)
      regexp_parser (>= 1.8, < 3.0)
      rexml
      rubocop-ast (>= 1.2.0, < 2.0)
      ruby-progressbar (~> 1.7)
      unicode-display_width (>= 1.4.0, < 3.0)
    rubocop-ast (1.4.0)
      parser (>= 2.7.1.5)
    rubocop-rake (0.5.1)
      rubocop
    ruby-debug-ide (0.7.2)
      rake (>= 0.8.1)
    ruby-progressbar (1.11.0)
    simplecov (0.21.2)
      docile (~> 1.1)
      simplecov-html (~> 0.11)
      simplecov_json_formatter (~> 0.1)
    simplecov-html (0.12.3)
    simplecov_json_formatter (0.1.2)
    sync (0.5.0)
    term-ansicolor (1.7.1)
      tins (~> 1.0)
    thor (1.0.1)
    tins (1.28.0)
      sync
    unicode-display_width (2.0.0)
    yard (0.9.26)
    zeitwerk (2.4.2)

PLATFORMS
  ruby

DEPENDENCIES
  bundler (~> 2.1)
  calificador!
  coveralls!
  debase (~> 0.2)
  qed (~> 2.9)
  rake (~> 13.0)
  rubocop (>= 0.85)
  rubocop-rake (>= 0.5.1)
  ruby-debug-ide (~> 0.7)
  simplecov (~> 0.18)
  yard (~> 0.9)

BUNDLED WITH
   2.1.4
